GEM
  remote: https://rubygems.org/
  specs:
    activesupport (5.0.0.1)
      concurrent-ruby (~> 1.0, >= 1.0.2)
      i18n (~> 0.7)
      minitest (~> 5.1)
      tzinfo (~> 1.1)
    colored (1.2)
    command_line_reporter (3.3.6)
      colored (>= 1.2)
    concurrent-ruby (1.0.2)
    faraday (0.9.2)
      multipart-post (>= 1.2, < 3)
    faraday_middleware (0.9.2)
      faraday (>= 0.7.4, < 0.10)
    hashie (3.4.6)
    i18n (0.7.0)
    json (1.8.3)
    minitest (5.9.1)
    multipart-post (2.0.0)
    teamcity-ruby-client (1.3.1)
      faraday (~> 0.9.0)
      faraday_middleware (~> 0.9.0)
      hashie (>= 2.0)
    thread_safe (0.3.5)
    time_difference (0.5.0)
      activesupport
    tzinfo (1.2.2)
      thread_safe (~> 0.1)

PLATFORMS
  ruby

DEPENDENCIES
  command_line_reporter (>= 3.0)
  json
  teamcity-ruby-client
  time_difference

BUNDLED WITH
   1.12.5
